GEM
  remote: https://rubygems.org/
  specs:
    polylines (0.2.0)

PLATFORMS
  ruby

DEPENDENCIES
  polylines
